GEM
  remote: https://rubygems.org/
  specs:
    bson (1.12.0)
    json (1.8.2)
    mime-types (2.4.3)
    mongo (1.12.0)
      bson (= 1.12.0)
    netrc (0.10.2)
    rack (1.6.0)
    rack-protection (1.5.3)
      rack
    rest-client (1.7.2)
      mime-types (>= 1.16, < 3.0)
      netrc (~> 0.7)
    sinatra (1.4.5)
      rack (~> 1.4)
      rack-protection (~> 1.4)
      tilt (~> 1.3, >= 1.3.4)
    tilt (1.4.1)

PLATFORMS
  ruby

DEPENDENCIES
  json
  mongo
  rest-client
  sinatra
